PATH
  remote: .
  specs:
    cmd2json (0.0.0)
      json

GEM
  remote: https://rubygems.org/
  specs:
    bump (0.5.3)
    diff-lcs (1.2.5)
    json (2.0.2)
    rake (12.0.0)
    rspec (3.5.0)
      rspec-core (~> 3.5.0)
      rspec-expectations (~> 3.5.0)
      rspec-mocks (~> 3.5.0)
    rspec-core (3.5.4)
      rspec-support (~> 3.5.0)
    rspec-expectations (3.5.0)
      diff-lcs (>= 1.2.0, < 2.0)
      rspec-support (~> 3.5.0)
    rspec-mocks (3.5.0)
      diff-lcs (>= 1.2.0, < 2.0)
      rspec-support (~> 3.5.0)
    rspec-support (3.5.0)
    single_cov (0.5.7)

PLATFORMS
  ruby

DEPENDENCIES
  bump
  cmd2json!
  rake
  rspec
  single_cov
